GEM
  remote: http://rubygems.org/
  specs:
    addressable (2.2.6)
    configuration (1.2.0)
    diff-lcs (1.1.3)
    em-http-request (1.0.0.beta.4)
      addressable (>= 2.2.3)
      em-socksify
      eventmachine (>= 1.0.0.beta.3)
      http_parser.rb (>= 0.5.1)
    em-socksify (0.1.0)
      eventmachine
    eventmachine (1.0.0.beta.3)
    http_parser.rb (0.5.1)
    json (1.5.1)
    mocha (0.9.12)
    nokogiri (1.4.4)
    rspec (2.12.0)
      rspec-core (~> 2.12.0)
      rspec-expectations (~> 2.12.0)
      rspec-mocks (~> 2.12.0)
    rspec-core (2.12.1)
    rspec-expectations (2.12.0)
      diff-lcs (~> 1.1.3)
    rspec-mocks (2.12.0)
    ruby-hmac (0.4.0)
    timecop (0.3.5)
    tzinfo (0.3.27)

PLATFORMS
  ruby

DEPENDENCIES
  configuration
  em-http-request (>= 1.0.0.beta.4)
  eventmachine (>= 1.0.0.beta.3)
  json
  mocha
  nokogiri
  rspec (>= 2.11.1)
  ruby-hmac
  timecop
  tzinfo
